GEM
  remote: https://rubygems.org/
  specs:
    armor (0.0.3)
    capybara (2.4.4)
      mime-types (>= 1.16)
      nokogiri (>= 1.3.3)
      rack (>= 1.0.0)
      rack-test (>= 0.5.4)
      xpath (~> 2.0)
    clap (1.0.0)
    cuba (3.4.0)
      rack
    cutest (1.2.2)
      clap
    daemons (1.1.9)
    eventmachine (1.0.4)
    fat (1.0.0)
    hache (1.1.0)
    hiredis (0.5.2)
    hmote (1.1.0)
      hache
    mailfactory (1.4.0)
      mime-types (>= 1.13.1)
    malone (1.0.7)
      mailfactory (~> 1.4)
    mime-types (2.4.3)
    mini_portile (0.6.1)
    msgpack (0.5.9)
    nido (0.0.1)
    nokogiri (1.6.5)
      mini_portile (~> 0.6.0)
    ohm (2.0.1)
      msgpack
      nido
      redic
    ohm-contrib (2.0.1)
      ohm (~> 2.0)
    ost (1.0.0)
      nido
      redic
    osth (1.3.0)
    rack (1.6.4)
    rack-protection (1.5.3)
      rack
    rack-test (0.6.2)
      rack (>= 1.0)
    redic (1.1.1)
      hiredis
    sass (3.4.9)
    scrivener (0.3.0)
    scrivener-contrib (1.0.0)
    shield (2.1.1)
      armor
    shotgun (0.9)
      rack (>= 1.0)
    thin (1.6.3)
      daemons (~> 1.0, >= 1.0.9)
      eventmachine (~> 1.0)
      rack (~> 1.0)
    xpath (2.0.0)
      nokogiri (~> 1.3)

PLATFORMS
  ruby

DEPENDENCIES
  capybara
  cuba
  cutest
  fat
  hache
  hmote
  malone
  ohm
  ohm-contrib
  ost
  osth
  rack-protection
  sass
  scrivener
  scrivener-contrib
  shield
  shotgun
  thin

BUNDLED WITH
   1.10.6
