GEM
  remote: https://rubygems.org/
  specs:
    armor (0.0.3)
    capybara (2.5.0)
      mime-types (>= 1.16)
      nokogiri (>= 1.3.3)
      rack (>= 1.0.0)
      rack-test (>= 0.5.4)
      xpath (~> 2.0)
    clap (1.0.0)
    cuba (3.4.0)
      rack
    cutest (1.2.3)
      clap
    daemons (1.2.3)
    eventmachine (1.0.8)
    fat (1.0.0)
    hache (1.1.0)
    hiredis (0.6.0)
    hmote (1.1.0)
      hache
    mailfactory (1.4.0)
      mime-types (>= 1.13.1)
    malone (1.0.7)
      mailfactory (~> 1.4)
    mime-types (3.0)
      mime-types-data (~> 3.2015)
    mime-types-data (3.2015.1120)
    mini_portile2 (2.0.0)
    msgpack (0.5.12)
    nido (1.0.0)
    nokogiri (1.6.7)
      mini_portile2 (~> 2.0.0.rc2)
    ohm (2.3.0)
      msgpack (~> 0.5.0)
      nido
      redic (~> 1.5.0)
      stal
    ohm-contrib (2.2.0)
      ohm (~> 2.2)
    ost (1.0.0)
      nido
      redic
    osth (1.3.0)
    rack (1.6.4)
    rack-test (0.6.3)
      rack (>= 1.0)
    redic (1.5.0)
      hiredis
    sass (3.4.9)
    scrivener (1.0.0)
    scrivener-contrib (1.0.0)
    shield (2.1.1)
      armor
    shotgun (0.9.1)
      rack (>= 1.0)
    stal (0.1.0)
      redic
    thin (1.6.4)
      daemons (~> 1.0, >= 1.0.9)
      eventmachine (~> 1.0, >= 1.0.4)
      rack (~> 1.0)
    xpath (2.0.0)
      nokogiri (~> 1.3)

PLATFORMS
  ruby

DEPENDENCIES
  capybara
  cuba
  cutest
  fat
  hache
  hmote
  malone
  ohm
  ohm-contrib
  ost
  osth
  sass
  scrivener
  scrivener-contrib
  shield
  shotgun
  thin

BUNDLED WITH
   1.10.6
